GIT
  remote: git://github.com/mfkp/tinder_pyro.git
  revision: f64d7d0dff265fca0855cfffd022490e77368b2e
  specs:
    tinder_pyro (0.0.1)
      httparty (~> 0.3)
      json (~> 1.6)

GEM
  remote: https://rubygems.org/
  specs:
    backports (3.6.4)
    httparty (0.13.3)
      json (~> 1.8)
      multi_xml (>= 0.5.2)
    json (1.8.1)
    multi_json (1.10.1)
    multi_xml (0.5.5)
    puma (2.9.2)
      rack (>= 1.1, < 2.0)
    rack (1.5.2)
    rack-protection (1.5.3)
      rack
    rack-test (0.6.2)
      rack (>= 1.0)
    sinatra (1.4.5)
      rack (~> 1.4)
      rack-protection (~> 1.4)
      tilt (~> 1.3, >= 1.3.4)
    sinatra-contrib (1.4.2)
      backports (>= 2.0)
      multi_json
      rack-protection
      rack-test
      sinatra (~> 1.4.0)
      tilt (~> 1.3)
    sinatra-cross_origin (0.3.2)
    tilt (1.4.1)

PLATFORMS
  ruby

DEPENDENCIES
  json
  puma
  sinatra
  sinatra-contrib
  sinatra-cross_origin (~> 0.3.2)
  tinder_pyro!
